GIT
  remote: git://github.com/acrmp/chefspec.git
  revision: c0ad450dd04748a99a9f34f95e242cf6eaf7f125
  specs:
    chefspec (0.6.1)
      chef (>= 0.9.12)
      erubis
      minitest-chef-handler (~> 0.6.0)
      rspec (~> 2.11.0)

GIT
  remote: git://github.com/customink-webops/knife-spork.git
  revision: a75b01ce6edf638d15a477b48bed5cfe744cc4bb
  specs:
    knife-spork (1.0.0)
      app_conf (>= 0.4.0)
      chef (>= 0.10.4)
      git (>= 1.2.5)

GIT
  remote: git://github.com/customink/strainer.git
  revision: e0d5b0d6d516d32af2ea1f54cad7c29907a4c6e9
  specs:
    strainer (0.1.1)
      chef (~> 10.12.0)
      term-ansicolor (~> 1.0.7)

GEM
  remote: http://rubygems.org/
  specs:
    activesupport (3.2.8)
      i18n (~> 0.6)
      multi_json (~> 1.0)
    app_conf (0.4.0)
    builder (3.0.0)
    bunny (0.8.0)
    chef (10.12.0)
      bunny (>= 0.6.0)
      erubis
      highline (>= 1.6.9)
      json (>= 1.4.4, <= 1.6.1)
      mixlib-authentication (>= 1.1.0)
      mixlib-cli (>= 1.1.0)
      mixlib-config (>= 1.1.2)
      mixlib-log (>= 1.3.0)
      mixlib-shellout
      moneta
      net-ssh (~> 2.2.2)
      net-ssh-multi (~> 1.1.0)
      ohai (>= 0.6.0)
      rest-client (>= 1.0.4, < 1.7.0)
      treetop (~> 1.4.9)
      uuidtools
      yajl-ruby (~> 1.1)
    ci_reporter (1.7.1)
      builder (>= 2.1.2)
    coderay (0.9.8)
    diff-lcs (1.1.3)
    erubis (2.7.0)
    eventmachine (0.12.10)
    excon (0.16.1)
    faraday (0.8.4)
      multipart-post (~> 1.1)
    faraday_middleware (0.8.8)
      faraday (>= 0.7.4, < 0.9)
    fauxhai (0.0.2)
      chef
      net-ssh
    fog (1.5.0)
      builder
      excon (~> 0.14)
      formatador (~> 0.2.0)
      mime-types
      multi_json (~> 1.0)
      net-scp (~> 1.0.4)
      net-ssh (>= 2.1.3)
      nokogiri (~> 1.5.0)
      ruby-hmac
    foodcritic (1.4.0)
      gherkin (~> 2.8.0)
      gist (~> 2.0.4)
      nokogiri (= 1.5.0)
      pry (~> 0.9.7.4)
      pry-doc (~> 0.3.0)
      rak (~> 1.4)
      treetop (~> 1.4.10)
      yajl-ruby (~> 1.1.0)
    formatador (0.2.3)
    gherkin (2.8.0)
      json (>= 1.4.6)
    gist (2.0.4)
    git (1.2.5)
    hashie (1.2.0)
    health_inspector (0.0.5)
      chef
      thor
    highline (1.6.13)
    http_parser.rb (0.5.3)
    i18n (0.6.0)
    ipaddress (0.8.0)
    json (1.6.1)
    knife-dwim (0.1.0)
      chef
    knife-ec2 (0.5.14)
      chef (>= 0.10.10)
      fog (~> 1.3)
    knife-essentials (0.7.6)
    knife-ohno (0.1.0)
    method_source (0.6.7)
      ruby_parser (>= 2.3.1)
    mime-types (1.19)
    minitest (3.3.0)
    minitest-chef-handler (0.6.0)
      chef
      ci_reporter
      minitest
    mixlib-authentication (1.3.0)
      mixlib-log
    mixlib-cli (1.2.2)
    mixlib-config (1.1.2)
    mixlib-log (1.4.1)
    mixlib-shellout (1.1.0)
    moneta (0.6.0)
    multi_json (1.3.6)
    multipart-post (1.1.5)
    net-scp (1.0.4)
      net-ssh (>= 1.99.1)
    net-ssh (2.2.2)
    net-ssh-gateway (1.1.0)
      net-ssh (>= 1.99.1)
    net-ssh-multi (1.1)
      net-ssh (>= 2.1.4)
      net-ssh-gateway (>= 0.99.0)
    nokogiri (1.5.0)
    ohai (6.14.0)
      ipaddress
      mixlib-cli
      mixlib-config
      mixlib-log
      systemu
      yajl-ruby
    polyglot (0.3.3)
    pry (0.9.7.4)
      coderay (~> 0.9.8)
      method_source (~> 0.6.7)
      ruby_parser (>= 2.3.1)
      slop (~> 2.1.0)
    pry-doc (0.3.0)
      pry (>= 0.9.0)
      yard (>= 0.6.4)
    rak (1.4)
    rest-client (1.6.7)
      mime-types (>= 1.16)
    rspec (2.11.0)
      rspec-core (~> 2.11.0)
      rspec-expectations (~> 2.11.0)
      rspec-mocks (~> 2.11.0)
    rspec-core (2.11.1)
    rspec-expectations (2.11.2)
      diff-lcs (~> 1.1.3)
    rspec-mocks (2.11.2)
    ruby-hmac (0.4.0)
    ruby_parser (2.3.1)
      sexp_processor (~> 3.0)
    sexp_processor (3.2.0)
    simple_oauth (0.1.9)
    slop (2.1.0)
    spiceweasel (1.1.2)
      json
      mixlib-cli
    systemu (2.5.2)
    term-ansicolor (1.0.7)
    thor (0.16.0)
    tinder (1.9.0)
      activesupport (>= 2.3, < 4)
      eventmachine (>= 0.12.0, < 2)
      faraday (~> 0.8)
      faraday_middleware (~> 0.8)
      hashie (~> 1.0)
      json (~> 1.6)
      mime-types (~> 1.16)
      multi_json (~> 1.0)
      multipart-post (~> 1.1)
      twitter-stream (~> 0.1)
    treetop (1.4.10)
      polyglot
      polyglot (>= 0.3.1)
    twitter-stream (0.1.16)
      eventmachine (>= 0.12.8)
      http_parser.rb (~> 0.5.1)
      simple_oauth (~> 0.1.4)
    uuidtools (2.1.3)
    yajl-ruby (1.1.0)
    yard (0.8.2.1)

PLATFORMS
  ruby

DEPENDENCIES
  chef
  chefspec!
  fauxhai
  foodcritic (~> 1.4.0)
  git
  health_inspector
  knife-dwim
  knife-ec2
  knife-essentials
  knife-ohno (~> 0.1.0)
  knife-spork!
  pry
  spiceweasel (>= 1.1.2)
  strainer!
  tinder
